GEM
  remote: https://rubygems.org/
  specs:
    diff-lcs (1.6.1)
    dotenv (3.1.7)
    pg (1.5.9)
    rake (13.2.1)
    rspec (3.13.0)
      rspec-core (~> 3.13.0)
      rspec-expectations (~> 3.13.0)
      rspec-mocks (~> 3.13.0)
    rspec-core (3.13.3)
      rspec-support (~> 3.13.0)
    rspec-expectations (3.13.3)
      diff-lcs (>= 1.2.0, < 2.0)
      rspec-support (~> 3.13.0)
    rspec-mocks (3.13.2)
      diff-lcs (>= 1.2.0, < 2.0)
      rspec-support (~> 3.13.0)
    rspec-support (3.13.2)
    stripe (13.5.0)

PLATFORMS
  ruby
  x86_64-linux

DEPENDENCIES
  dotenv
  pg
  rake
  rspec
  stripe

BUNDLED WITH
   2.6.2
